GEM
  remote: http://rubygems.org/
  specs:
    execjs (1.4.0)
      multi_json (~> 1.0)
    git (1.2.5)
    hike (1.2.1)
    jeweler (1.8.4)
      bundler (~> 1.0)
      git (>= 1.2.5)
      rake
      rdoc
    json (1.7.7)
    liquid (2.5.0)
    multi_json (1.7.1)
    rack (1.5.2)
    rake (10.0.3)
    rdoc (4.0.0)
      json (~> 1.4)
    sprockets (2.9.0)
      hike (~> 1.2)
      multi_json (~> 1.0)
      rack (~> 1.0)
      tilt (~> 1.1, != 1.3.0)
    tilt (1.3.6)

PLATFORMS
  ruby

DEPENDENCIES
  bundler
  execjs
  jeweler
  liquid
  rdoc
  sprockets
  tilt
